PATH
  remote: .
  specs:
    metrics (0.0.1)
      dm-validations
      formatador
      ipaddress
      methadone (~> 1.2.6)
      virtus

GEM
  remote: https://rubygems.org/
  specs:
    addressable (2.2.8)
    aruba (0.5.1)
      childprocess (~> 0.3.6)
      cucumber (>= 1.1.1)
      rspec-expectations (>= 2.7.0)
    backports (2.6.7)
    builder (3.2.0)
    childprocess (0.3.9)
      ffi (~> 1.0, >= 1.0.11)
    cucumber (1.2.5)
      builder (>= 2.1.2)
      diff-lcs (>= 1.1.3)
      gherkin (~> 2.11.7)
      multi_json (~> 1.3)
    descendants_tracker (0.0.1)
    diff-lcs (1.2.3)
    dm-core (1.2.0)
      addressable (~> 2.2.6)
    dm-validations (1.2.0)
      dm-core (~> 1.2.0)
    ffi (1.7.0)
    formatador (0.2.4)
    gherkin (2.11.8)
      multi_json (~> 1.3)
    ipaddress (0.8.0)
    json (1.7.7)
    methadone (1.2.6)
      bundler
    multi_json (1.7.2)
    rake (0.9.6)
    rdoc (4.0.1)
      json (~> 1.4)
    rspec (2.13.0)
      rspec-core (~> 2.13.0)
      rspec-expectations (~> 2.13.0)
      rspec-mocks (~> 2.13.0)
    rspec-core (2.13.1)
    rspec-expectations (2.13.0)
      diff-lcs (>= 1.1.3, < 2.0)
    rspec-mocks (2.13.1)
    virtus (0.5.4)
      backports (~> 2.6.1)
      descendants_tracker (~> 0.0.1)

PLATFORMS
  ruby

DEPENDENCIES
  aruba
  bundler (~> 1.3)
  metrics!
  rake (~> 0.9.2)
  rdoc
  rspec
